GEM
  remote: https://rubygems.org/
  specs:
    builder (3.1.4)
    json (1.8.1)
    jwt (0.1.8)
      multi_json (>= 1.5)
    multi_json (1.9.2)
    newrelic_rpm (3.8.0.218)
    rack (1.5.2)
    rack-protection (1.5.0)
      rack
    sinatra (1.4.3)
      rack (~> 1.4)
      rack-protection (~> 1.4)
      tilt (~> 1.3, >= 1.3.4)
    tilt (1.4.1)
    twilio-ruby (3.5.1)
      builder (>= 2.1.2)
      jwt (>= 0.1.2)
      multi_json (>= 1.0.3)

PLATFORMS
  ruby

DEPENDENCIES
  json
  newrelic_rpm
  sinatra
  twilio-ruby
